GEM
  remote: http://rubygems.org/
  specs:
    activesupport (3.0.9)
    chunky_png (1.2.0)
    compass (0.11.5)
      chunky_png (~> 1.2)
      fssm (>= 0.2.7)
      sass (~> 3.1)
    compass-960-plugin (0.10.4)
      compass (>= 0.10.0)
    fssm (0.2.7)
    haml (3.1.2)
    i18n (0.6.0)
    rack (1.3.0)
    rack-test (0.5.7)
      rack (>= 1.0)
    rdiscount (1.6.8)
    sass (3.1.5)
    serve (1.5.1)
      activesupport (~> 3.0)
      i18n
      rack (~> 1.2)
      rack-test (~> 0.5)
      tilt (~> 1.3)
      tzinfo
    tilt (1.3.2)
    tzinfo (0.3.29)

PLATFORMS
  ruby

DEPENDENCIES
  compass
  compass-960-plugin
  haml
  rdiscount
  serve (= 1.5.1)
